PATH
  remote: .
  specs:
    jenkins-builder (0.3.4)
      ferrum (~> 0.13)
      jenkins_api_client (~> 1.5.3)
      pastel (~> 0.8.0)
      security (~> 0.1.5)
      thor (~> 1.2.1)
      tty-spinner (~> 0.9.3)

GEM
  remote: https://gems.ruby-china.com/
  specs:
    addressable (2.8.4)
      public_suffix (>= 2.0.2, < 6.0)
    byebug (11.1.3)
    chef-utils (18.2.7)
      concurrent-ruby
    coderay (1.1.3)
    concurrent-ruby (1.2.2)
    diff-lcs (1.5.0)
    ferrum (0.13)
      addressable (~> 2.5)
      concurrent-ruby (~> 1.1)
      webrick (~> 1.7)
      websocket-driver (>= 0.6, < 0.8)
    gem-release (2.2.2)
    jenkins_api_client (1.5.3)
      addressable (~> 2.7)
      json (>= 1.0)
      mixlib-shellout (>= 1.1.0)
      nokogiri (~> 1.6)
      socksify (>= 1.7.0)
      terminal-table (>= 1.4.0)
      thor (>= 0.16.0)
    json (2.6.3)
    method_source (1.0.0)
    mini_portile2 (2.8.1)
    mixlib-shellout (3.2.7)
      chef-utils
    nokogiri (1.14.3)
      mini_portile2 (~> 2.8.0)
      racc (~> 1.4)
    pastel (0.8.0)
      tty-color (~> 0.5)
    pry (0.14.2)
      coderay (~> 1.1)
      method_source (~> 1.0)
    pry-byebug (3.10.1)
      byebug (~> 11.0)
      pry (>= 0.13, < 0.15)
    pry-doc (1.4.0)
      pry (~> 0.11)
      yard (~> 0.9.11)
    public_suffix (5.0.1)
    racc (1.6.2)
    rake (13.0.6)
    rspec (3.12.0)
      rspec-core (~> 3.12.0)
      rspec-expectations (~> 3.12.0)
      rspec-mocks (~> 3.12.0)
    rspec-core (3.12.1)
      rspec-support (~> 3.12.0)
    rspec-expectations (3.12.2)
      diff-lcs (>= 1.2.0, < 2.0)
      rspec-support (~> 3.12.0)
    rspec-mocks (3.12.5)
      diff-lcs (>= 1.2.0, < 2.0)
      rspec-support (~> 3.12.0)
    rspec-support (3.12.0)
    security (0.1.5)
    socksify (1.7.1)
    terminal-table (3.0.2)
      unicode-display_width (>= 1.1.1, < 3)
    thor (1.2.1)
    tty-color (0.6.0)
    tty-cursor (0.7.1)
    tty-spinner (0.9.3)
      tty-cursor (~> 0.7)
    unicode-display_width (2.4.2)
    webrick (1.8.1)
    websocket-driver (0.7.5)
      websocket-extensions (>= 0.1.0)
    websocket-extensions (0.1.5)
    yard (0.9.34)

PLATFORMS
  ruby

DEPENDENCIES
  gem-release (~> 2.2.2)
  jenkins-builder!
  pry (>= 0.11.3)
  pry-byebug (>= 3.6.0)
  pry-doc (>= 0.13.4)
  rake (~> 13.0.6)
  rspec (~> 3.0)

BUNDLED WITH
   2.4.1
