PATH
  remote: .
  specs:
    jenkins-builder (0.1.6)
      jenkins_api_client (~> 1.5.3)
      pastel (~> 0.7.2)
      security (~> 0.1.3)
      thor (~> 0.20.0)
      tty-spinner (~> 0.8.0)

GEM
  remote: https://rubygems.org/
  specs:
    byebug (10.0.2)
    coderay (1.1.2)
    diff-lcs (1.3)
    equatable (0.5.0)
    jenkins_api_client (1.5.3)
      json (>= 1.0)
      mixlib-shellout (>= 1.1.0)
      nokogiri (~> 1.6)
      socksify (>= 1.7.0)
      terminal-table (>= 1.4.0)
      thor (>= 0.16.0)
    json (2.1.0)
    method_source (0.9.1)
    mini_portile2 (2.4.0)
    mixlib-shellout (2.4.0)
    nokogiri (1.10.3)
      mini_portile2 (~> 2.4.0)
    pastel (0.7.2)
      equatable (~> 0.5.0)
      tty-color (~> 0.4.0)
    pry (0.11.3)
      coderay (~> 1.1.0)
      method_source (~> 0.9.0)
    pry-byebug (3.6.0)
      byebug (~> 10.0)
      pry (~> 0.10)
    pry-doc (0.13.4)
      pry (~> 0.11)
      yard (~> 0.9.11)
    rake (10.5.0)
    rspec (3.8.0)
      rspec-core (~> 3.8.0)
      rspec-expectations (~> 3.8.0)
      rspec-mocks (~> 3.8.0)
    rspec-core (3.8.0)
      rspec-support (~> 3.8.0)
    rspec-expectations (3.8.2)
      diff-lcs (>= 1.2.0, < 2.0)
      rspec-support (~> 3.8.0)
    rspec-mocks (3.8.0)
      diff-lcs (>= 1.2.0, < 2.0)
      rspec-support (~> 3.8.0)
    rspec-support (3.8.0)
    security (0.1.3)
    socksify (1.7.1)
    terminal-table (1.8.0)
      unicode-display_width (~> 1.1, >= 1.1.1)
    thor (0.20.3)
    tty-color (0.4.3)
    tty-cursor (0.6.0)
    tty-spinner (0.8.0)
      tty-cursor (>= 0.5.0)
    unicode-display_width (1.4.0)
    yard (0.9.16)

PLATFORMS
  ruby

DEPENDENCIES
  bundler (~> 1.16)
  jenkins-builder!
  pry (~> 0.11.3)
  pry-byebug (~> 3.6.0)
  pry-doc (~> 0.13.4)
  rake (~> 10.0)
  rspec (~> 3.0)

BUNDLED WITH
   1.17.2
